GEM
  remote: https://rubygems.org/
  specs:
    circleci (1.0.3)

PLATFORMS
  ruby

DEPENDENCIES
  circleci

BUNDLED WITH
   1.12.5
